GEM
  remote: https://rubygems.org/
  specs:
    capistrano (3.4.0)
      i18n
      rake (>= 10.0.0)
      sshkit (~> 1.3)
    capistrano-bundler (1.1.4)
      capistrano (~> 3.1)
      sshkit (~> 1.2)
    capistrano-rvm (0.1.2)
      capistrano (~> 3.0)
      sshkit (~> 1.2)
    coderay (1.1.0)
    colorize (0.7.7)
    ffi (1.9.25-java)
    haml (4.0.7)
      tilt
    i18n (0.7.0)
    kramdown (1.8.0)
    method_source (0.8.2)
    minitest (5.14.1)
    net-scp (1.2.1)
      net-ssh (>= 2.6.5)
    net-ssh (2.9.2)
    nokogiri (1.10.4-java)
    pry (0.10.1-java)
      coderay (~> 1.1.0)
      method_source (~> 0.8.1)
      slop (~> 3.4)
      spoon (~> 0.0)
    puma (2.12.3-java)
    rack (1.6.11)
    rack-protection (1.5.5)
      rack
    rack-test (0.6.3)
      rack (>= 1.0)
    rake (10.4.2)
    saxon-xslt (0.7.0-java)
    schematronium (0.1.0-java)
      nokogiri (~> 1.6)
      saxon-xslt (~> 0.7)
    sinatra (1.4.6)
      rack (~> 1.4)
      rack-protection (~> 1.4)
      tilt (>= 1.3, < 3)
    sinatra-partial (0.4.0)
      sinatra
    slop (3.6.0)
    spoon (0.0.4)
      ffi
    sshkit (1.7.1)
      colorize (>= 0.7.0)
      net-scp (>= 1.1.2)
      net-ssh (>= 2.8.0)
    therubyrhino (2.0.4)
      therubyrhino_jar (>= 1.7.3)
    therubyrhino_jar (1.7.6)
    tilt (1.4.1)
    yard (0.9.20)
    yard-sinatra (1.0.0)
      yard (~> 0.7)

PLATFORMS
  java

DEPENDENCIES
  capistrano
  capistrano-bundler
  capistrano-rvm
  ffi
  haml
  kramdown
  minitest
  nokogiri
  pry
  puma
  rack-test
  rake
  saxon-xslt
  schematronium (~> 0.1.0)
  sinatra
  sinatra-partial
  therubyrhino
  yard
  yard-sinatra

BUNDLED WITH
   2.1.4
