GEM
  remote: https://rubygems.org/
  specs:
    ffi (1.14.2-java)
    haml (5.2.1)
      temple (>= 0.8.0)
      tilt
    jruby-jars (9.2.14.0)
    jruby-rack (1.1.21)
    mustermann (1.1.1)
      ruby2_keywords (~> 0.0.1)
    nokogiri (1.11.0-java)
      racc (~> 1.4)
    racc (1.5.2-java)
    rack (2.2.3)
    rack-protection (2.1.0)
      rack
    rake (13.0.3)
    ruby2_keywords (0.0.2)
    rubyzip (1.3.0)
    saxon-xslt (0.8.2.2-java)
    schematronium (0.1.4-java)
      nokogiri (~> 1.6)
      saxon-xslt (~> 0.7)
    sinatra (2.1.0)
      mustermann (~> 1.0)
      rack (~> 2.2)
      rack-protection (= 2.1.0)
      tilt (~> 2.0)
    sinatra-partial (1.0.1)
      sinatra (>= 1.4)
    temple (0.8.2)
    tilt (2.0.10)
    warbler (2.0.5)
      jruby-jars (>= 9.0.0.0)
      jruby-rack (>= 1.1.1, < 1.3)
      rake (>= 10.1.0)
      rubyzip (~> 1.0, < 1.4)

PLATFORMS
  java
  universal-java-1.8

DEPENDENCIES
  ffi
  haml
  nokogiri
  saxon-xslt
  schematronium (~> 0.1.0)
  sinatra
  sinatra-partial
  warbler

BUNDLED WITH
   2.2.0
