GEM
  remote: https://rubygems.org/
  specs:
    bitters (1.1.0)
      bourbon (>= 4.2)
      sass (>= 3.4)
      thor
    bourbon (4.2.3)
      sass (~> 3.4)
      thor
    capistrano (3.4.0)
      i18n
      rake (>= 10.0.0)
      sshkit (~> 1.3)
    capistrano-bundler (1.1.4)
      capistrano (~> 3.1)
      sshkit (~> 1.2)
    capistrano-rvm (0.1.2)
      capistrano (~> 3.0)
      sshkit (~> 1.2)
    coderay (1.1.0)
    coffee-script (2.4.1)
      coffee-script-source
      execjs
    coffee-script-source (1.9.1.1)
    colorize (0.7.7)
    execjs (2.5.2)
    ffi (1.9.10-java)
    haml (4.0.7)
      tilt
    hike (1.2.3)
    i18n (0.7.0)
    json (1.8.3-java)
    kramdown (1.8.0)
    method_source (0.8.2)
    multi_json (1.11.2)
    neat (1.7.2)
      bourbon (>= 4.0)
      sass (>= 3.3)
    net-scp (1.2.1)
      net-ssh (>= 2.6.5)
    net-ssh (2.9.2)
    nokogiri (1.6.6.4-java)
    pry (0.10.1-java)
      coderay (~> 1.1.0)
      method_source (~> 0.8.1)
      slop (~> 3.4)
      spoon (~> 0.0)
    puma (2.12.3-java)
    rack (1.6.4)
    rack-protection (1.5.3)
      rack
    rack-test (0.6.3)
      rack (>= 1.0)
    rake (10.4.2)
    sass (3.4.16)
    saxon-xslt (0.7.0-java)
    schematronium (0.1.0-java)
      nokogiri (~> 1.6)
      saxon-xslt (~> 0.7)
    sinatra (1.4.6)
      rack (~> 1.4)
      rack-protection (~> 1.4)
      tilt (>= 1.3, < 3)
    sinatra-asset-pipeline (0.7.0)
      coffee-script (~> 2.3)
      rake (~> 10.0)
      sass (~> 3.1)
      sinatra (~> 1.4)
      sprockets (~> 2.12)
      sprockets-helpers (~> 1.1)
      sprockets-sass (~> 1.2)
    sinatra-partial (0.4.0)
      sinatra
    slop (3.6.0)
    spoon (0.0.4)
      ffi
    sprockets (2.12.4)
      hike (~> 1.2)
      multi_json (~> 1.0)
      rack (~> 1.0)
      tilt (~> 1.1, != 1.3.0)
    sprockets-helpers (1.2.1)
      sprockets (>= 2.2)
    sprockets-sass (1.3.1)
      sprockets (~> 2.0)
      tilt (~> 1.1)
    sshkit (1.7.1)
      colorize (>= 0.7.0)
      net-scp (>= 1.1.2)
      net-ssh (>= 2.8.0)
    therubyrhino (2.0.4)
      therubyrhino_jar (>= 1.7.3)
    therubyrhino_jar (1.7.6)
    thor (0.19.1)
    tilt (1.4.1)
    uglifier (2.7.1)
      execjs (>= 0.3.0)
      json (>= 1.8.0)

PLATFORMS
  java

DEPENDENCIES
  bitters
  bourbon
  capistrano
  capistrano-bundler
  capistrano-rvm
  haml
  kramdown
  neat
  nokogiri
  pry
  puma
  rack-test
  rake
  saxon-xslt
  schematronium (~> 0.1.0)
  sinatra
  sinatra-asset-pipeline
  sinatra-partial
  therubyrhino
  uglifier

BUNDLED WITH
   1.10.6
