GEM
  remote: https://rubygems.org/
  specs:
    airbrussh (1.4.0)
      sshkit (>= 1.6.1, != 1.7.0)
    capistrano (3.14.1)
      airbrussh (>= 1.0.0)
      i18n
      rake (>= 10.0.0)
      sshkit (>= 1.9.0)
    capistrano-bundler (2.0.1)
      capistrano (~> 3.1)
    capistrano-rvm (0.1.2)
      capistrano (~> 3.0)
      sshkit (~> 1.2)
    coderay (1.1.3)
    concurrent-ruby (1.1.7)
    ffi (1.14.2-java)
    haml (5.2.1)
      temple (>= 0.8.0)
      tilt
    i18n (1.8.7)
      concurrent-ruby (~> 1.0)
    jruby-jars (9.2.14.0)
    jruby-rack (1.1.21)
    kramdown (2.3.0)
      rexml
    method_source (1.0.0)
    minitest (5.14.2)
    mustermann (1.1.1)
      ruby2_keywords (~> 0.0.1)
    net-scp (3.0.0)
      net-ssh (>= 2.6.5, < 7.0.0)
    net-ssh (6.1.0)
    nio4r (2.5.4-java)
    nokogiri (1.11.0-java)
      racc (~> 1.4)
    pry (0.13.1-java)
      coderay (~> 1.1)
      method_source (~> 1.0)
      spoon (~> 0.0)
    puma (5.1.1-java)
      nio4r (~> 2.0)
    racc (1.5.2-java)
    rack (2.2.3)
    rack-protection (2.1.0)
      rack
    rack-test (1.1.0)
      rack (>= 1.0, < 3)
    rake (13.0.3)
    rexml (3.2.4)
    ruby2_keywords (0.0.2)
    rubyzip (1.3.0)
    saxon-xslt (0.8.2.2-java)
    schematronium (0.1.4-java)
      nokogiri (~> 1.6)
      saxon-xslt (~> 0.7)
    sinatra (2.1.0)
      mustermann (~> 1.0)
      rack (~> 2.2)
      rack-protection (= 2.1.0)
      tilt (~> 2.0)
    sinatra-partial (1.0.1)
      sinatra (>= 1.4)
    spoon (0.0.6)
      ffi
    sshkit (1.21.1)
      net-scp (>= 1.1.2)
      net-ssh (>= 2.8.0)
    temple (0.8.2)
    therubyrhino (2.1.2)
      therubyrhino_jar (>= 1.7.4, < 1.7.9)
    therubyrhino_jar (1.7.8)
    tilt (2.0.10)
    warbler (2.0.5)
      jruby-jars (>= 9.0.0.0)
      jruby-rack (>= 1.1.1, < 1.3)
      rake (>= 10.1.0)
      rubyzip (~> 1.0, < 1.4)
    yard (0.9.26)
    yard-sinatra (1.0.0)
      yard (~> 0.7)

PLATFORMS
  java

DEPENDENCIES
  capistrano
  capistrano-bundler
  capistrano-rvm
  ffi
  haml
  kramdown
  minitest
  nokogiri
  pry
  puma
  rack-test
  rake
  saxon-xslt
  schematronium (~> 0.1.0)
  sinatra
  sinatra-partial
  therubyrhino
  warbler
  yard
  yard-sinatra

BUNDLED WITH
   2.2.0
